PATH
  remote: .
  specs:
    scorm_engine (0.5.2)
      faraday (~> 0.12)
      faraday_middleware (~> 0.12)

GEM
  remote: https://rubygems.org/
  specs:
    ast (2.4.0)
    coderay (1.1.2)
    diff-lcs (1.3)
    dotenv (2.4.0)
    faraday (0.12.2)
      multipart-post (>= 1.2, < 3)
    faraday_middleware (0.12.2)
      faraday (>= 0.7.4, < 1.0)
    jaro_winkler (1.5.1)
    method_source (0.9.0)
    multipart-post (2.0.0)
    parallel (1.12.1)
    parser (2.5.1.2)
      ast (~> 2.4.0)
    powerpack (0.1.2)
    pry (0.11.3)
      coderay (~> 1.1.0)
      method_source (~> 0.9.0)
    rainbow (3.0.0)
    rake (10.5.0)
    rspec (3.7.0)
      rspec-core (~> 3.7.0)
      rspec-expectations (~> 3.7.0)
      rspec-mocks (~> 3.7.0)
    rspec-core (3.7.1)
      rspec-support (~> 3.7.0)
    rspec-expectations (3.7.0)
      diff-lcs (>= 1.2.0, < 2.0)
      rspec-support (~> 3.7.0)
    rspec-mocks (3.7.0)
      diff-lcs (>= 1.2.0, < 2.0)
      rspec-support (~> 3.7.0)
    rspec-support (3.7.1)
    rubocop (0.58.2)
      jaro_winkler (~> 1.5.1)
      parallel (~> 1.10)
      parser (>= 2.5, != 2.5.1.1)
      powerpack (~> 0.1)
      rainbow (>= 2.2.2, < 4.0)
      ruby-progressbar (~> 1.7)
      unicode-display_width (~> 1.0, >= 1.0.1)
    ruby-progressbar (1.9.0)
    rubyzip (1.2.1)
    unicode-display_width (1.4.0)
    vcr (4.0.0)
    yard (0.9.12)

PLATFORMS
  ruby

DEPENDENCIES
  bundler (~> 1.16)
  dotenv (~> 2.4)
  pry (~> 0.11)
  rake (~> 10.0)
  rspec (~> 3.0)
  rubocop (~> 0.56)
  rubyzip (~> 1.2)
  scorm_engine!
  vcr (~> 4.0)
  yard (~> 0.9)

BUNDLED WITH
   1.16.1
